PATH
  remote: .
  specs:
    i18n-complements (0.0.13)
      i18n (>= 0.6)

GEM
  remote: https://rubygems.org/
  specs:
    coveralls (0.6.9)
      multi_json (~> 1.3)
      rest-client
      simplecov (>= 0.7)
      term-ansicolor
      thor
    docile (1.1.5)
    i18n (0.6.11)
    mime-types (2.4.1)
    multi_json (1.10.1)
    netrc (0.7.7)
    rake (10.3.2)
    rest-client (1.7.2)
      mime-types (>= 1.16, < 3.0)
      netrc (~> 0.7)
    simplecov (0.9.1)
      docile (~> 1.1.0)
      multi_json (~> 1.0)
      simplecov-html (~> 0.8.0)
    simplecov-html (0.8.0)
    term-ansicolor (1.3.0)
      tins (~> 1.0)
    thor (0.19.1)
    tins (1.3.3)

PLATFORMS
  ruby

DEPENDENCIES
  coveralls (~> 0.6.3)
  i18n-complements!
  rake (> 10)
