PATH
  remote: .
  specs:
    i18n-complements (0.0.8)
      i18n (>= 0.6)

GEM
  remote: http://rubygems.org/
  specs:
    colorize (0.5.8)
    coveralls (0.6.3)
      colorize
      multi_json (~> 1.3)
      rest-client
      simplecov (>= 0.7)
      thor
    i18n (0.6.4)
    mime-types (1.21)
    multi_json (1.7.2)
    rest-client (1.6.7)
      mime-types (>= 1.16)
    simplecov (0.7.1)
      multi_json (~> 1.0)
      simplecov-html (~> 0.7.1)
    simplecov-html (0.7.1)
    thor (0.18.0)

PLATFORMS
  ruby

DEPENDENCIES
  coveralls (> 0)
  i18n-complements!
