PATH
  remote: .
  specs:
    i18n-complements (0.0.8)
      i18n (>= 0.6)

GEM
  remote: http://rubygems.org/
  specs:
    i18n (0.6.4)

PLATFORMS
  ruby

DEPENDENCIES
  i18n-complements!
